GEM
  remote: https://rubygems.org/
  specs:
    addressable (2.8.7)
      public_suffix (>= 2.0.2, < 7.0)
    base64 (0.2.0)
    domain_name (0.6.20240107)
    ffi (1.17.0-x64-mingw-ucrt)
    ffi-compiler (1.3.2)
      ffi (>= 1.15.5)
      rake
    http (5.2.0)
      addressable (~> 2.8)
      base64 (~> 0.1)
      http-cookie (~> 1.0)
      http-form_data (~> 2.2)
      llhttp-ffi (~> 0.5.0)
    http-cookie (1.0.7)
      domain_name (~> 0.5)
    http-form_data (2.3.0)
    http_connection (1.4.4)
    http_tools (0.4.5)
    llhttp-ffi (0.5.0)
      ffi-compiler (~> 1.0)
      rake (~> 13.0)
    net-ssh (7.3.0)
    protocol-http (0.41.0)
    public_suffix (6.0.1)
    rake (13.2.1)
    rugged-easy (0.1.0)
    snmp (1.3.2)

PLATFORMS
  x64-mingw-ucrt

DEPENDENCIES
  http (~> 5.2)
  http_connection (~> 1.4, >= 1.4.4)
  http_tools (~> 0.4.5)
  net-ssh (~> 7.3)
  protocol-http (~> 0.41.0)
  rugged-easy (~> 0.1.0)
  snmp (~> 1.3, >= 1.3.2)

BUNDLED WITH
   2.5.22
