GEM
  remote: https://rubygems.org/
  specs:
    builder (3.3.0)
    cpf_cnpj (0.5.0)
    http_connection (1.4.4)
    http_tools (0.4.5)
    net-ssh (7.3.0)
    protocol-http (0.41.0)
    rugged-easy (0.1.0)
    snmp (1.3.2)

PLATFORMS
  x64-mingw-ucrt

DEPENDENCIES
  builder (~> 3.3)
  bundler (~> 2.5, >= 2.5.22)
  cpf_cnpj (~> 0.5.0)
  http_connection (~> 1.4, >= 1.4.4)
  http_tools (~> 0.4.5)
  net-ssh (~> 7.3)
  protocol-http (~> 0.41.0)
  rugged-easy (~> 0.1.0)
  snmp (~> 1.3, >= 1.3.2)

BUNDLED WITH
   2.5.22
